RESTRICTION: == net45
NUGET
  remote: https://api.nuget.org/v3/index.json
    Gu.Analyzers (1.2.12-dev)
    Gu.Wpf.UiAutomation (0.2.3.1)
    NUnit (3.10.1)
    PropertyChangedAnalyzers (2.5.10)
    StyleCop.Analyzers (1.0.2)
    WpfAnalyzers (2.1.3.1)
